NUGET
  remote: https://nuget.org/api/v2
  specs:
    Deedle (1.0.7)
    Deedle.RPlugin (1.0.7)
      Deedle (>= 1.0.7)
      R.NET.Community (>= 1.5.16)
      R.NET.Community.FSharp (>= 0.1.9)
      RProvider (>= 1.1.8)
    Foogle.Charts (0.0.5)
    FSharp.Charting (0.90.9)
    FSharp.Core (3.1.2.1)
    FSharp.Data (2.1.1)
      Zlib.Portable (>= 1.10.0) - framework: portable-net40+sl50+wp80+win80
    FsLab (0.1.4)
      Deedle (1.0.7)
      Deedle.RPlugin (1.0.7)
      FSharp.Charting (0.90.9)
      FSharp.Data (2.1.1)
      Foogle.Charts (0.0.5)
      MathNet.Numerics (3.5.0)
      MathNet.Numerics.FSharp (3.5.0)
      R.NET.Community (1.5.16)
      R.NET.Community.FSharp (0.1.9)
      RProvider (1.1.8)
    MathNet.Numerics (3.5.0)
      TaskParallelLibrary (>= 1.0.2856) - framework: >= net35 < net40
    MathNet.Numerics.FSharp (3.5.0)
      FSharp.Core (>= 3.1.2.1)
      MathNet.Numerics (3.5.0)
    MBrace.Azure.Client (0.6.4-alpha)
    R.NET.Community (1.5.16)
    R.NET.Community.FSharp (0.1.9)
      R.NET.Community (>= 1.5.16)
    RProvider (1.1.8)
      R.NET.Community (1.5.16)
      R.NET.Community.FSharp (0.1.9)
    TaskParallelLibrary (1.0.2856.0) - framework: >= net35 < net40
    Zlib.Portable (1.10.0) - framework: portable-net40+sl50+wp80+win80
